GEM
  remote: http://rubygems.org/
  specs:
    addressable (2.2.6)
    backports (2.3.0)
    daemons (1.1.4)
    diff-lcs (1.1.3)
    eventmachine (0.12.10)
    geoip (1.1.1)
    heroku (2.11.1)
      launchy (>= 0.3.2)
      rest-client (~> 1.6.1)
      rubyzip
      term-ansicolor (~> 1.0.5)
    json (1.6.1)
    launchy (2.0.5)
      addressable (~> 2.2.6)
    mime-types (1.17.2)
    newrelic_rpm (3.2.0.1)
    rack (1.3.5)
    rack-contrib (1.1.0)
      rack (>= 0.9.1)
    rack-protection (1.1.4)
      rack
    rack-test (0.6.1)
      rack (>= 1.0)
    rest-client (1.6.7)
      mime-types (>= 1.16)
    rspec (2.7.0)
      rspec-core (~> 2.7.0)
      rspec-expectations (~> 2.7.0)
      rspec-mocks (~> 2.7.0)
    rspec-core (2.7.1)
    rspec-expectations (2.7.0)
      diff-lcs (~> 1.1.2)
    rspec-mocks (2.7.0)
    rubyzip (0.9.4)
    sinatra (1.3.1)
      rack (~> 1.3, >= 1.3.4)
      rack-protection (~> 1.1, >= 1.1.2)
      tilt (~> 1.3, >= 1.3.3)
    sinatra-contrib (1.3.1)
      backports (>= 2.0)
      eventmachine
      rack-protection
      rack-test
      sinatra (~> 1.3.0)
      tilt (~> 1.3)
    sinatra-reloader (1.0)
      sinatra-contrib
    term-ansicolor (1.0.7)
    thin (1.2.11)
      daemons (>= 1.0.9)
      eventmachine (>= 0.12.6)
      rack (>= 1.0.0)
    tilt (1.3.3)

PLATFORMS
  ruby

DEPENDENCIES
  geoip
  heroku
  json
  newrelic_rpm
  rack
  rack-contrib
  rack-test
  rspec
  sinatra
  sinatra-reloader
  thin
